GEM
  remote: https://rubygems.org/
  specs:
    dotenv (2.2.0)
    rack (1.6.0)
    rack-protection (1.5.3)
      rack
    sinatra (1.4.6)
      rack (~> 1.4)
      rack-protection (~> 1.4)
      tilt (>= 1.3, < 3)
    tilt (2.0.1)

PLATFORMS
  ruby

DEPENDENCIES
  dotenv
  sinatra

RUBY VERSION
   ruby 2.2.5p319

BUNDLED WITH
   1.12.5
